GIT
  remote: https://github.com/shakacode/pry-byebug.git
  revision: bf28c9781c434b2f00a83130ec5a8a992a691183
  specs:
    pry-byebug (3.9.0)
      byebug (~> 11.0)
      pry (>= 0.13, < 0.15)

PATH
  remote: ../..
  specs:
    react_on_rails_pro (3.0.0.rc.4)
      addressable
      connection_pool
      execjs (~> 2.5)
      multipart-post (~> 2)
      persistent_http (~> 2)
      rainbow
      react_on_rails (>= 12.4)

GEM
  remote: https://rubygems.org/
  specs:
    actioncable (7.0.1)
      actionpack (= 7.0.1)
      activesupport (= 7.0.1)
      nio4r (~> 2.0)
      websocket-driver (>= 0.6.1)
    actionmailbox (7.0.1)
      actionpack (= 7.0.1)
      activejob (= 7.0.1)
      activerecord (= 7.0.1)
      activestorage (= 7.0.1)
      activesupport (= 7.0.1)
      mail (>= 2.7.1)
      net-imap
      net-pop
      net-smtp
    actionmailer (7.0.1)
      actionpack (= 7.0.1)
      actionview (= 7.0.1)
      activejob (= 7.0.1)
      activesupport (= 7.0.1)
      mail (~> 2.5, >= 2.5.4)
      net-imap
      net-pop
      net-smtp
      rails-dom-testing (~> 2.0)
    actionpack (7.0.1)
      actionview (= 7.0.1)
      activesupport (= 7.0.1)
      rack (~> 2.0, >= 2.2.0)
      rack-test (>= 0.6.3)
      rails-dom-testing (~> 2.0)
      rails-html-sanitizer (~> 1.0, >= 1.2.0)
    actiontext (7.0.1)
      actionpack (= 7.0.1)
      activerecord (= 7.0.1)
      activestorage (= 7.0.1)
      activesupport (= 7.0.1)
      globalid (>= 0.6.0)
      nokogiri (>= 1.8.5)
    actionview (7.0.1)
      activesupport (= 7.0.1)
      builder (~> 3.1)
      erubi (~> 1.4)
      rails-dom-testing (~> 2.0)
      rails-html-sanitizer (~> 1.1, >= 1.2.0)
    activejob (7.0.1)
      activesupport (= 7.0.1)
      globalid (>= 0.3.6)
    activemodel (7.0.1)
      activesupport (= 7.0.1)
    activerecord (7.0.1)
      activemodel (= 7.0.1)
      activesupport (= 7.0.1)
    activestorage (7.0.1)
      actionpack (= 7.0.1)
      activejob (= 7.0.1)
      activerecord (= 7.0.1)
      activesupport (= 7.0.1)
      marcel (~> 1.0)
      mini_mime (>= 1.1.0)
    activesupport (7.0.1)
      concurrent-ruby (~> 1.0, >= 1.0.2)
      i18n (>= 1.6, < 2)
      minitest (>= 5.1)
      tzinfo (~> 2.0)
    addressable (2.8.0)
      public_suffix (>= 2.0.2, < 5.0)
    amazing_print (1.4.0)
    ast (2.4.2)
    bindex (0.8.1)
    bootsnap (1.10.2)
      msgpack (~> 1.2)
    builder (3.2.4)
    byebug (11.1.3)
    capybara (3.36.0)
      addressable
      matrix
      mini_mime (>= 0.1.3)
      nokogiri (~> 1.8)
      rack (>= 1.6.0)
      rack-test (>= 0.6.3)
      regexp_parser (>= 1.5, < 3.0)
      xpath (~> 3.2)
    capybara-screenshot (1.0.26)
      capybara (>= 1.0, < 4)
      launchy
    childprocess (4.1.0)
    coderay (1.1.3)
    concurrent-ruby (1.1.10)
    connection_pool (2.2.5)
    coveralls (0.8.23)
      json (>= 1.8, < 3)
      simplecov (~> 0.16.1)
      term-ansicolor (~> 1.3)
      thor (>= 0.19.4, < 2.0)
      tins (~> 1.6)
    crack (0.4.5)
      rexml
    crass (1.0.6)
    diff-lcs (1.5.0)
    digest (3.1.0)
    docile (1.4.0)
    equivalent-xml (0.6.0)
      nokogiri (>= 1.4.3)
    erubi (1.10.0)
    execjs (2.8.1)
    ffi (1.15.5)
    gene_pool (1.5.0)
      concurrent-ruby (>= 1.0)
    generator_spec (0.9.4)
      activesupport (>= 3.0.0)
      railties (>= 3.0.0)
    globalid (1.0.0)
      activesupport (>= 5.0)
    hashdiff (1.0.1)
    i18n (1.10.0)
      concurrent-ruby (~> 1.0)
    io-wait (0.2.1)
    jbuilder (2.11.5)
      actionview (>= 5.0.0)
      activesupport (>= 5.0.0)
    jquery-rails (4.4.0)
      rails-dom-testing (>= 1, < 3)
      railties (>= 4.2.0)
      thor (>= 0.14, < 2.0)
    json (2.6.1)
    launchy (2.5.0)
      addressable (~> 2.7)
    libv8-node (16.10.0.0)
    listen (3.7.1)
      rb-fsevent (~> 0.10, >= 0.10.3)
      rb-inotify (~> 0.9, >= 0.9.10)
    loofah (2.13.0)
      crass (~> 1.0.2)
      nokogiri (>= 1.5.9)
    mail (2.7.1)
      mini_mime (>= 0.1.1)
    marcel (1.0.2)
    matrix (0.4.2)
    method_source (1.0.0)
    mini_mime (1.1.2)
    mini_portile2 (2.7.1)
    mini_racer (0.6.2)
      libv8-node (~> 16.10.0.0)
    minitest (5.15.0)
    msgpack (1.4.4)
    multipart-post (2.2.3)
    net-imap (0.2.3)
      digest
      net-protocol
      strscan
    net-pop (0.1.1)
      digest
      net-protocol
      timeout
    net-protocol (0.1.2)
      io-wait
      timeout
    net-smtp (0.3.1)
      digest
      net-protocol
      timeout
    nio4r (2.5.8)
    nokogiri (1.13.1)
      mini_portile2 (~> 2.7.0)
      racc (~> 1.4)
    parallel (1.21.0)
    parser (3.1.0.0)
      ast (~> 2.4.1)
    persistent_http (2.0.3)
      gene_pool (>= 1.3)
    pry (0.14.1)
      coderay (~> 1.1)
      method_source (~> 1.0)
    pry-doc (1.3.0)
      pry (~> 0.11)
      yard (~> 0.9.11)
    pry-rails (0.3.9)
      pry (>= 0.10.4)
    pry-theme (1.3.1)
      coderay (~> 1.1)
    public_suffix (4.0.6)
    puma (5.6.1)
      nio4r (~> 2.0)
    racc (1.6.0)
    rack (2.2.3)
    rack-proxy (0.7.2)
      rack
    rack-test (1.1.0)
      rack (>= 1.0, < 3)
    rails (7.0.1)
      actioncable (= 7.0.1)
      actionmailbox (= 7.0.1)
      actionmailer (= 7.0.1)
      actionpack (= 7.0.1)
      actiontext (= 7.0.1)
      actionview (= 7.0.1)
      activejob (= 7.0.1)
      activemodel (= 7.0.1)
      activerecord (= 7.0.1)
      activestorage (= 7.0.1)
      activesupport (= 7.0.1)
      bundler (>= 1.15.0)
      railties (= 7.0.1)
    rails-dom-testing (2.0.3)
      activesupport (>= 4.2.0)
      nokogiri (>= 1.6)
    rails-html-sanitizer (1.4.2)
      loofah (~> 2.3)
    railties (7.0.1)
      actionpack (= 7.0.1)
      activesupport (= 7.0.1)
      method_source
      rake (>= 12.2)
      thor (~> 1.0)
      zeitwerk (~> 2.5)
    rainbow (3.1.1)
    rake (13.0.6)
    rb-fsevent (0.11.0)
    rb-inotify (0.10.1)
      ffi (~> 1.0)
    react_on_rails (12.4.0)
      addressable
      connection_pool
      execjs (~> 2.5)
      rails (>= 3.2)
      rainbow (~> 3.0)
      webpacker (>= 4.0)
    regexp_parser (2.2.0)
    rexml (3.2.5)
    rspec-core (3.10.1)
      rspec-support (~> 3.10.0)
    rspec-expectations (3.10.2)
      diff-lcs (>= 1.2.0, < 2.0)
      rspec-support (~> 3.10.0)
    rspec-mocks (3.10.2)
      diff-lcs (>= 1.2.0, < 2.0)
      rspec-support (~> 3.10.0)
    rspec-rails (5.1.0)
      actionpack (>= 5.2)
      activesupport (>= 5.2)
      railties (>= 5.2)
      rspec-core (~> 3.10)
      rspec-expectations (~> 3.10)
      rspec-mocks (~> 3.10)
      rspec-support (~> 3.10)
    rspec-retry (0.6.2)
      rspec-core (> 3.3)
    rspec-support (3.10.3)
    rspec_junit_formatter (0.5.1)
      rspec-core (>= 2, < 4, != 2.12.0)
    rubocop (1.18.3)
      parallel (~> 1.10)
      parser (>= 3.0.0.0)
      rainbow (>= 2.2.2, < 4.0)
      regexp_parser (>= 1.8, < 3.0)
      rexml
      rubocop-ast (>= 1.7.0, < 2.0)
      ruby-progressbar (~> 1.7)
      unicode-display_width (>= 1.4.0, < 3.0)
    rubocop-ast (1.15.1)
      parser (>= 3.0.1.1)
    rubocop-performance (1.11.4)
      rubocop (>= 1.7.0, < 2.0)
      rubocop-ast (>= 0.4.0)
    rubocop-rspec (2.4.0)
      rubocop (~> 1.0)
      rubocop-ast (>= 1.1.0)
    ruby-progressbar (1.11.0)
    rubyzip (2.3.2)
    sass (3.7.4)
      sass-listen (~> 4.0.0)
    sass-listen (4.0.0)
      rb-fsevent (~> 0.9, >= 0.9.4)
      rb-inotify (~> 0.9, >= 0.9.7)
    sass-rails (6.0.0)
      sassc-rails (~> 2.1, >= 2.1.1)
    sassc (2.4.0)
      ffi (~> 1.9)
    sassc-rails (2.1.2)
      railties (>= 4.0.0)
      sassc (>= 2.0)
      sprockets (> 3.0)
      sprockets-rails
      tilt
    scss_lint (0.59.0)
      sass (~> 3.5, >= 3.5.5)
    selenium-webdriver (4.1.0)
      childprocess (>= 0.5, < 5.0)
      rexml (~> 3.2, >= 3.2.5)
      rubyzip (>= 1.2.2)
    semantic_range (3.0.0)
    shakapacker (6.0.2)
      activesupport (>= 5.2)
      rack-proxy (>= 0.6.1)
      railties (>= 5.2)
      semantic_range (>= 2.3.0)
    simplecov (0.16.1)
      docile (~> 1.1)
      json (>= 1.8, < 3)
      simplecov-html (~> 0.10.0)
    simplecov-html (0.10.2)
    spring (2.1.1)
    spring-watcher-listen (2.0.1)
      listen (>= 2.7, < 4.0)
      spring (>= 1.2, < 3.0)
    sprockets (4.0.2)
      concurrent-ruby (~> 1.0)
      rack (> 1, < 3)
    sprockets-rails (3.4.2)
      actionpack (>= 5.2)
      activesupport (>= 5.2)
      sprockets (>= 3.0.0)
    sqlite3 (1.4.2)
    strscan (3.0.1)
    sync (0.5.0)
    term-ansicolor (1.7.1)
      tins (~> 1.0)
    thor (1.2.1)
    tilt (2.0.10)
    timeout (0.2.0)
    tins (1.31.0)
      sync
    turbolinks (5.2.1)
      turbolinks-source (~> 5.2)
    turbolinks-source (5.2.0)
    tzinfo (2.0.4)
      concurrent-ruby (~> 1.0)
    uglifier (4.2.0)
      execjs (>= 0.3.0, < 3)
    unicode-display_width (2.1.0)
    web-console (4.2.0)
      actionview (>= 6.0.0)
      activemodel (>= 6.0.0)
      bindex (>= 0.4.0)
      railties (>= 6.0.0)
    webdrivers (5.0.0)
      nokogiri (~> 1.6)
      rubyzip (>= 1.3.0)
      selenium-webdriver (~> 4.0)
    webmock (3.14.0)
      addressable (>= 2.8.0)
      crack (>= 0.3.2)
      hashdiff (>= 0.4.0, < 2.0.0)
    webpacker (5.4.3)
      activesupport (>= 5.2)
      rack-proxy (>= 0.6.1)
      railties (>= 5.2)
      semantic_range (>= 2.3.0)
    webrick (1.7.0)
    websocket-driver (0.7.5)
      websocket-extensions (>= 0.1.0)
    websocket-extensions (0.1.5)
    xpath (3.2.0)
      nokogiri (~> 1.8)
    yard (0.9.27)
      webrick (~> 1.7.0)
    zeitwerk (2.5.3)

PLATFORMS
  ruby

DEPENDENCIES
  amazing_print
  bootsnap
  capybara
  capybara-screenshot
  coveralls
  equivalent-xml
  generator_spec
  jbuilder
  jquery-rails
  launchy
  listen
  mini_racer
  pry (>= 0.14.1)
  pry-byebug!
  pry-doc
  pry-rails
  pry-theme
  puma
  rails
  react_on_rails (= 12.4.0)
  react_on_rails_pro!
  rspec-rails
  rspec-retry
  rspec_junit_formatter
  rubocop (= 1.18.3)
  rubocop-performance (= 1.11.4)
  rubocop-rspec (= 2.4.0)
  sass-rails
  scss_lint
  selenium-webdriver
  shakapacker (>= 6.0.0)
  spring
  spring-watcher-listen
  sprockets
  sqlite3
  turbolinks
  uglifier
  web-console
  webdrivers
  webmock

RUBY VERSION
   ruby 2.7.5p203

BUNDLED WITH
   2.3.3
